GEM
  remote: https://rubygems.org/
  specs:
    minitest (5.14.4)
    ruby2d (0.9.5)

PLATFORMS
  x64-mingw32

DEPENDENCIES
  minitest (~> 5)
  ruby2d (~> 0.9.5)

BUNDLED WITH
   2.2.24
